GEM
  remote: https://rubygems.org/
  specs:
    active_support (3.0.0)
      activesupport (= 3.0.0)
    activesupport (3.0.0)
    faraday (0.8.8)
      multipart-post (~> 1.2.0)
    httpauth (0.2.0)
    json (1.8.1)
    jwt (0.1.8)
      multi_json (>= 1.5)
    mime-types (1.25.1)
    multi_json (1.8.2)
    multipart-post (1.2.0)
    oauth2 (0.8.1)
      faraday (~> 0.8)
      httpauth (~> 0.1)
      jwt (~> 0.1.4)
      multi_json (~> 1.0)
      rack (~> 1.2)
    rack (1.5.2)
    rest-client (1.6.7)
      mime-types (>= 1.16)
    trollop (1.16.2)
    yard (0.8.7.3)

PLATFORMS
  ruby

DEPENDENCIES
  active_support
  json
  oauth2
  rest-client
  trollop
  yard
